PATH
  remote: .
  specs:
    parse-conf (0.0.2)

GEM
  remote: https://rubygems.org/
  specs:
    minitest (5.3.4)
    rake (10.3.2)

PLATFORMS
  java
  ruby

DEPENDENCIES
  bundler (~> 1.5)
  minitest
  parse-conf!
  rake
